GEM
  remote: https://rubygems.org/
  specs:
    mustermann (1.0.3)
    rack (2.0.5)
    rack-protection (2.0.3)
      rack
    sequel (5.11.0)
    sinatra (2.0.3)
      mustermann (~> 1.0)
      rack (~> 2.0)
      rack-protection (= 2.0.3)
      tilt (~> 2.0)
    slim (3.0.9)
      temple (>= 0.7.6, < 0.9)
      tilt (>= 1.3.3, < 2.1)
    sqlite3 (1.3.13-x64-mingw32)
    temple (0.8.0)
    tilt (2.0.8)

PLATFORMS
  x64-mingw32

DEPENDENCIES
  sequel
  sinatra
  slim
  sqlite3

BUNDLED WITH
   1.16.3
